PATH
  remote: .
  specs:
    failed_test_capture (0.1.0)

GEM
  remote: https://rubygems.org/
  specs:
    ansi (1.5.0)
    builder (3.2.4)
    minitest (5.16.3)
    minitest-reporters (1.5.0)
      ansi
      builder
      minitest (>= 5.0)
      ruby-progressbar
    rake (12.3.3)
    ruby-progressbar (1.11.0)

PLATFORMS
  ruby

DEPENDENCIES
  failed_test_capture!
  minitest (~> 5.0)
  minitest-reporters (~> 1.5)
  rake (~> 12.0)

BUNDLED WITH
   2.1.4
